GEM
  remote: http://rubygems.org/
  specs:
    activesupport (8.1.1)
      base64
      bigdecimal
      concurrent-ruby (~> 1.0, >= 1.3.1)
      connection_pool (>= 2.2.5)
      drb
      i18n (>= 1.6, < 2)
      json
      logger (>= 1.4.2)
      minitest (>= 5.1)
      securerandom (>= 0.3)
      tzinfo (~> 2.0, >= 2.0.5)
      uri (>= 0.13.1)
    addressable (2.8.7)
      public_suffix (>= 2.0.2, < 7.0)
    ast (2.4.3)
    base64 (0.3.0)
    bigdecimal (3.3.1)
    coderay (1.1.3)
    coffee-script (2.4.1)
      coffee-script-source
      execjs
    coffee-script-source (1.12.2)
    concurrent-ruby (1.3.5)
    connection_pool (2.5.4)
    contracts (0.17.2)
    date (3.5.0)
    debug (1.11.0)
      irb (~> 1.10)
      reline (>= 0.3.8)
    diff-lcs (1.6.2)
    dotenv (3.1.8)
    drb (2.2.3)
    erb (5.1.3)
    erubi (1.13.1)
    execjs (2.10.0)
    fast_blank (1.0.1)
    fastimage (2.4.0)
    ffi (1.17.2)
    haml (7.0.1)
      temple (>= 0.8.2)
      thor
      tilt
    hamster (3.0.0)
      concurrent-ruby (~> 1.0)
    hashie (5.0.0)
    i18n (1.14.7)
      concurrent-ruby (~> 1.0)
    io-console (0.8.1)
    irb (1.15.2)
      pp (>= 0.6.0)
      rdoc (>= 4.0.0)
      reline (>= 0.4.2)
    json (2.15.2)
    kramdown (2.5.1)
      rexml (>= 3.3.9)
    language_server-protocol (3.17.0.5)
    lint_roller (1.1.0)
    listen (3.9.0)
      rb-fsevent (~> 0.10, >= 0.10.3)
      rb-inotify (~> 0.9, >= 0.9.10)
    logger (1.7.0)
    memoist (0.16.2)
    method_source (1.1.0)
    middleman (4.6.2)
      middleman-cli (= 4.6.2)
      middleman-core (= 4.6.2)
    middleman-cli (4.6.2)
      thor (>= 0.17.0, < 2)
    middleman-core (4.6.2)
      activesupport (>= 6.1)
      addressable (~> 2.4)
      bundler (~> 2.0)
      coffee-script (~> 2.2)
      contracts
      dotenv
      erubi
      execjs (~> 2.0)
      fast_blank
      fastimage (~> 2.0)
      haml (>= 4.0.5)
      hamster (~> 3.0)
      hashie (>= 3.4, < 6.0)
      i18n (>= 1.6, < 1.15)
      kramdown (~> 2.4)
      listen (~> 3.0)
      memoist (~> 0.14)
      padrino-helpers (~> 0.15.0)
      parallel
      rack (>= 3)
      rackup
      sassc (~> 2.0)
      servolux
      tilt (~> 2.2)
      toml
      uglifier (>= 3, < 5)
      webrick
    middleman-syntax (3.6.1)
      middleman-core (>= 3.2)
      rouge (~> 3.2)
    mini_exiftool (2.14.0)
      ostruct (>= 0.6.0)
      pstore (>= 0.1.3)
    minitest (5.26.0)
    observer (0.1.2)
    ostruct (0.6.3)
    padrino-helpers (0.15.3)
      i18n (>= 0.6.7, < 2)
      padrino-support (= 0.15.3)
      tilt (>= 1.4.1, < 3)
    padrino-support (0.15.3)
    parallel (1.27.0)
    parser (3.3.10.0)
      ast (~> 2.4.1)
      racc
    parslet (2.0.0)
    pkg-config (1.6.4)
    pp (0.6.3)
      prettyprint
    prettyprint (0.2.0)
    prism (1.6.0)
    pry (0.15.2)
      coderay (~> 1.1)
      method_source (~> 1.0)
    pstore (0.2.0)
    psych (5.2.6)
      date
      stringio
    public_suffix (6.0.2)
    racc (1.8.1)
    rack (3.2.3)
    rackup (2.2.1)
      rack (>= 3)
    rainbow (3.1.1)
    rake (13.3.1)
    rb-fsevent (0.11.2)
    rb-inotify (0.11.1)
      ffi (~> 1.0)
    rdoc (6.15.0)
      erb
      psych (>= 4.0.0)
      tsort
    redcarpet (3.6.1)
    regexp_parser (2.11.3)
    reline (0.6.2)
      io-console (~> 0.5)
    rexml (3.4.4)
    rmagick (6.1.4)
      observer (~> 0.1)
      pkg-config (~> 1.4)
    rouge (3.30.0)
    rspec (3.13.2)
      rspec-core (~> 3.13.0)
      rspec-expectations (~> 3.13.0)
      rspec-mocks (~> 3.13.0)
    rspec-core (3.13.6)
      rspec-support (~> 3.13.0)
    rspec-expectations (3.13.5)
      diff-lcs (>= 1.2.0, < 2.0)
      rspec-support (~> 3.13.0)
    rspec-mocks (3.13.6)
      diff-lcs (>= 1.2.0, < 2.0)
      rspec-support (~> 3.13.0)
    rspec-support (3.13.6)
    rubocop (1.81.6)
      json (~> 2.3)
      language_server-protocol (~> 3.17.0.2)
      lint_roller (~> 1.1.0)
      parallel (~> 1.10)
      parser (>= 3.3.0.2)
      rainbow (>= 2.2.2, < 4.0)
      regexp_parser (>= 2.9.3, < 3.0)
      rubocop-ast (>= 1.47.1, < 2.0)
      ruby-progressbar (~> 1.7)
      unicode-display_width (>= 2.4.0, < 4.0)
    rubocop-ast (1.47.1)
      parser (>= 3.3.7.2)
      prism (~> 1.4)
    ruby-progressbar (1.13.0)
    sass (3.7.4)
      sass-listen (~> 4.0.0)
    sass-listen (4.0.0)
      rb-fsevent (~> 0.9, >= 0.9.4)
      rb-inotify (~> 0.9, >= 0.9.7)
    sassc (2.4.0)
      ffi (~> 1.9)
    securerandom (0.4.1)
    servolux (0.13.0)
    slim (5.2.1)
      temple (~> 0.10.0)
      tilt (>= 2.1.0)
    stringio (3.1.7)
    temple (0.10.4)
    thor (1.4.0)
    tilt (2.6.1)
    toml (0.3.0)
      parslet (>= 1.8.0, < 3.0.0)
    tsort (0.2.0)
    tzinfo (2.0.6)
      concurrent-ruby (~> 1.0)
    uglifier (4.2.1)
      execjs (>= 0.3.0, < 3)
    unicode-display_width (3.2.0)
      unicode-emoji (~> 4.1)
    unicode-emoji (4.1.0)
    uri (1.1.0)
    webrick (1.9.1)

PLATFORMS
  ruby

DEPENDENCIES
  debug
  middleman
  middleman-syntax
  mini_exiftool
  pry
  rake
  redcarpet
  rmagick
  rspec
  rubocop
  sass
  slim
  webrick

BUNDLED WITH
   2.7.2
